GEM
  remote: https://rubygems.org/
  specs:
    concurrent-ruby (1.0.5)
    erubis (2.7.0)
    much-timeout (0.1.1)
    ruby-graphviz (1.2.3)
    terminal-table (1.5.2)
    thor (0.19.4)
    tumugi (0.6.3)
      concurrent-ruby (~> 1.0.2)
      erubis (~> 2.7.0)
      much-timeout (~> 0.1.1)
      ruby-graphviz (~> 1.2.2)
      terminal-table (~> 1.5.2)
      thor (~> 0.19.1)

PLATFORMS
  ruby

DEPENDENCIES
  tumugi (~> 0.6.1)

BUNDLED WITH
   1.16.3
